GIT
  remote: git://github.com/tarun123/backbone-rails.git
  revision: 5e63761ebf32c1a15721362b1c1b50fd3345d243
  specs:
    rails-backbone (0.7.2)
      coffee-script (~> 2.2.0)
      ejs (~> 1.0.0)
      railties (>= 3.1.0)

GEM
  remote: https://rubygems.org/
  specs:
    actionmailer (3.2.9)
      actionpack (= 3.2.9)
      mail (~> 2.4.4)
    actionpack (3.2.9)
      activemodel (= 3.2.9)
      activesupport (= 3.2.9)
      builder (~> 3.0.0)
      erubis (~> 2.7.0)
      journey (~> 1.0.4)
      rack (~> 1.4.0)
      rack-cache (~> 1.2)
      rack-test (~> 0.6.1)
      sprockets (~> 2.2.1)
    activemodel (3.2.9)
      activesupport (= 3.2.9)
      builder (~> 3.0.0)
    activerecord (3.2.9)
      activemodel (= 3.2.9)
      activesupport (= 3.2.9)
      arel (~> 3.0.2)
      tzinfo (~> 0.3.29)
    activeresource (3.2.9)
      activemodel (= 3.2.9)
      activesupport (= 3.2.9)
    activesupport (3.2.9)
      i18n (~> 0.6)
      multi_json (~> 1.0)
    archive-tar-minitar (0.5.2)
    arel (3.0.2)
    asset_sync (0.5.4)
      activemodel
      fog
    builder (3.0.4)
    chunky_png (1.2.6)
    coffee-rails (3.2.2)
      coffee-script (>= 2.2.0)
      railties (~> 3.2.0)
    coffee-script (2.2.0)
      coffee-script-source
      execjs
    coffee-script-source (1.6.3)
    columnize (0.3.6)
    compass (0.12.2)
      chunky_png (~> 1.2)
      fssm (>= 0.2.7)
      sass (~> 3.1)
    compass-rails (1.0.3)
      compass (>= 0.12.2, < 0.14)
    curb (0.8.4)
    eco (1.0.0)
      coffee-script
      eco-source
      execjs
    eco-source (1.1.0.rc.1)
    ejs (1.0.0)
    erubis (2.7.0)
    excon (0.13.4)
    execjs (2.0.1)
    fog (1.3.1)
      builder
      excon (~> 0.13.0)
      formatador (~> 0.2.0)
      mime-types
      multi_json (~> 1.0)
      net-scp (~> 1.0.4)
      net-ssh (>= 2.1.3)
      nokogiri (~> 1.5.0)
      ruby-hmac
    formatador (0.2.4)
    fssm (0.2.9)
    gumby-framework (0.0.1)
      jquery-rails
      modernizr-rails
    hike (1.2.3)
    i18n (0.6.5)
    journey (1.0.4)
    jquery-rails (3.0.4)
      railties (>= 3.0, < 5.0)
      thor (>= 0.14, < 2.0)
    jruby-pageant (1.0.2)
    json (1.8.0)
    libv8 (3.16.14.3)
    linecache19 (0.5.12)
      ruby_core_source (>= 0.1.4)
    mail (2.4.4)
      i18n (>= 0.4.0)
      mime-types (~> 1.16)
      treetop (~> 1.4.8)
    mime-types (1.25)
    modernizr-rails (2.6.2.3)
    multi_json (1.7.9)
    net-scp (1.0.4)
      net-ssh (>= 1.99.1)
    net-ssh (2.4.0)
      jruby-pageant (>= 1.0.2)
    newrelic_rpm (3.6.3.111)
    nokogiri (1.5.9)
    pg (0.11.0)
    polyglot (0.3.3)
    rack (1.4.5)
    rack-cache (1.2)
      rack (>= 0.4)
    rack-ssl (1.3.3)
      rack
    rack-test (0.6.2)
      rack (>= 1.0)
    rails (3.2.9)
      actionmailer (= 3.2.9)
      actionpack (= 3.2.9)
      activerecord (= 3.2.9)
      activeresource (= 3.2.9)
      activesupport (= 3.2.9)
      bundler (~> 1.0)
      railties (= 3.2.9)
    railties (3.2.9)
      actionpack (= 3.2.9)
      activesupport (= 3.2.9)
      rack-ssl (~> 1.3.2)
      rake (>= 0.8.7)
      rdoc (~> 3.4)
      thor (>= 0.14.6, < 2.0)
    rake (10.1.0)
    rdoc (3.12.2)
      json (~> 1.4)
    ref (1.0.5)
    ruby-debug-base19 (0.11.25)
      columnize (>= 0.3.1)
      linecache19 (>= 0.5.11)
      ruby_core_source (>= 0.1.4)
    ruby-debug19 (0.11.6)
      columnize (>= 0.3.1)
      linecache19 (>= 0.5.11)
      ruby-debug-base19 (>= 0.11.19)
    ruby-hmac (0.4.0)
    ruby_core_source (0.1.5)
      archive-tar-minitar (>= 0.5.2)
    sass (3.2.10)
    sass-rails (3.2.6)
      railties (~> 3.2.0)
      sass (>= 3.1.10)
      tilt (~> 1.3)
    sprockets (2.2.2)
      hike (~> 1.2)
      multi_json (~> 1.0)
      rack (~> 1.0)
      tilt (~> 1.1, != 1.3.0)
    therubyracer (0.12.0)
      libv8 (~> 3.16.14.0)
      ref
    thor (0.18.1)
    tilt (1.4.1)
    tinymce-rails (3.5.8.3)
      railties (>= 3.1.1)
    treetop (1.4.15)
      polyglot
      polyglot (>= 0.3.1)
    tzinfo (0.3.37)
    uglifier (2.2.1)
      execjs (>= 0.3.0)
      multi_json (~> 1.0, >= 1.0.2)

PLATFORMS
  ruby

DEPENDENCIES
  asset_sync
  coffee-rails (~> 3.2.1)
  compass-rails
  curb
  eco
  execjs
  gumby-framework
  jquery-rails
  modernizr-rails
  newrelic_rpm
  pg
  rails (= 3.2.9)
  rails-backbone!
  rake
  ruby-debug19
  sass-rails (~> 3.2.3)
  therubyracer
  tinymce-rails (~> 3.5.2)
  uglifier (>= 1.0.3)
